GEM
  remote: https://rubygems.org/
  specs:
    byebug (10.0.2)
    chunky_png (1.3.10)
    coderay (1.1.2)
    method_source (0.9.0)
    oily_png (1.2.1)
      chunky_png (~> 1.3.7)
    pry (0.11.3)
      coderay (~> 1.1.0)
      method_source (~> 0.9.0)
    pry-byebug (3.6.0)
      byebug (~> 10.0)
      pry (~> 0.10)

PLATFORMS
  ruby

DEPENDENCIES
  oily_png
  pry-byebug

RUBY VERSION
   ruby 2.3.4p301

BUNDLED WITH
   1.16.1
